GEM
  remote: https://rubygems.org/
  specs:
    bourbon (4.0.1)
      sass (~> 3.3)
      thor
    neat (1.6.0)
      bourbon (>= 3.1)
      sass (>= 3.3)
    sass (3.3.14)
    thor (0.19.1)

PLATFORMS
  ruby
  x86-mingw32

DEPENDENCIES
  bourbon (~> 4.0.1)
  neat (~> 1.6.0)
  sass (>= 3.3.14)
